PATH
  remote: .
  specs:
    rest (3.0.5)
      net-http-persistent (>= 2.9.1)
      netrc

GEM
  remote: https://rubygems.org/
  specs:
    ethon (0.7.3)
      ffi (>= 1.3.0)
    excon (0.44.3)
    ffi (1.9.6)
    minitest (5.5.1)
    net-http-persistent (2.9.4)
    netrc (0.10.3)
    power_assert (0.2.2)
    quicky (0.4.0)
    rake (10.4.2)
    test-unit (3.0.9)
      power_assert
    typhoeus (0.7.1)
      ethon (>= 0.7.1)
    uber_config (1.1.1)

PLATFORMS
  ruby

DEPENDENCIES
  excon
  minitest
  quicky (>= 0.4.0)
  rake
  rest!
  test-unit
  typhoeus (>= 0.5.4)
  uber_config
